GEM
  remote: https://rubygems.org/
  specs:
    tba (0.2.1)
    webrick (1.3.1)

PLATFORMS
  ruby

DEPENDENCIES
  tba
  webrick

RUBY VERSION
   ruby 2.0.0p645

BUNDLED WITH
   1.12.5
